GEM
  remote: http://rubygems.org/
  specs:
    diff-lcs (1.1.3)
    eventmachine (1.0.0.beta.4)
    eventmachine (1.0.0.beta.4-x86-mingw32)
    ffi (1.0.9)
    ffi (1.0.9-x86-mingw32)
    guard (0.8.4)
      thor (~> 0.14.6)
    guard-rspec (0.5.0)
      guard (>= 0.8.4)
    rake (0.9.2)
    rb-fchange (0.0.5)
      ffi
    rb-notifu (0.0.4)
    rspec (2.6.0)
      rspec-core (~> 2.6.0)
      rspec-expectations (~> 2.6.0)
      rspec-mocks (~> 2.6.0)
    rspec-core (2.6.4)
    rspec-expectations (2.6.0)
      diff-lcs (~> 1.1.2)
    rspec-mocks (2.6.0)
    thor (0.14.6)
    win32console (1.3.0)
    win32console (1.3.0-x86-mingw32)

PLATFORMS
  ruby
  x86-mingw32

DEPENDENCIES
  eventmachine (~> 1.0.0.beta)
  guard
  guard-rspec
  rake
  rb-fchange
  rb-notifu
  rspec
  win32console
